GEM
  remote: http://rubygems.org/
  specs:
    bson (1.0.9)
    bson_ext (1.0.9)
    mongo (1.0.9)
      bson (>= 1.0.5)
    rack (1.2.1)
    sinatra (1.0)
      rack (>= 1.0)
    yajl-ruby (0.7.7)

PLATFORMS
  ruby

DEPENDENCIES
  bson (= 1.0.9)
  bson_ext (= 1.0.9)
  mongo (~> 1.0.9)
  sinatra (~> 1.0)
  yajl-ruby (~> 0.7.7)
